GEM
  remote: https://rubygems.org/
  specs:
    actionmailer (2.3.4)
      actionpack (= 2.3.4)
    actionpack (2.3.4)
      activesupport (= 2.3.4)
      rack (~> 1.0.0)
    activerecord (2.3.4)
      activesupport (= 2.3.4)
    activeresource (2.3.4)
      activesupport (= 2.3.4)
    activesupport (2.3.4)
    haml (3.1.4)
    kgio (2.9.2)
    mysql (2.8.1)
    paperclip (2.3.1.1)
    rack (1.0.1)
    rails (2.3.4)
      actionmailer (= 2.3.4)
      actionpack (= 2.3.4)
      activerecord (= 2.3.4)
      activeresource (= 2.3.4)
      activesupport (= 2.3.4)
      rake (>= 0.8.3)
    raindrops (0.13.0)
    rake (0.8.7)
    rmagick (2.13.2)
    unicorn (4.8.2)
      kgio (~> 2.6)
      rack
      raindrops (~> 0.7)

PLATFORMS
  ruby

DEPENDENCIES
  haml (= 3.1.4)
  mysql (= 2.8.1)
  paperclip (= 2.3.1.1)
  rails (= 2.3.4)
  rake (= 0.8.7)
  rmagick (= 2.13.2)
  unicorn
